PATH
  remote: .
  specs:
    traction (0.1.1)

GEM
  remote: https://rubygems.org/
  specs:
    coderay (1.1.3)
    method_source (1.0.0)
    pry (0.14.1)
      coderay (~> 1.1)
      method_source (~> 1.0)
    rake (10.5.0)

PLATFORMS
  x86_64-darwin-19

DEPENDENCIES
  bundler (>= 2.2.10)
  pry (~> 0)
  rake (~> 10.0)
  traction!

BUNDLED WITH
   2.2.11
